PATH
  remote: .
  specs:
    parsel (0.1.0)

GEM
  remote: https://rubygems.org/
  specs:
    power_assert (2.0.5)
    rake (13.2.1)
    strscan (3.1.2)
    test-unit (3.6.7)
      power_assert

PLATFORMS
  arm64-darwin-23
  ruby

DEPENDENCIES
  parsel!
  rake (~> 13.0)
  strscan
  test-unit

BUNDLED WITH
   2.7.0.dev
